PATH
  remote: .
  specs:
    socket.io-client-simple (1.1.3)
      event_emitter
      httparty
      json
      websocket-client-simple (>= 0.2.1)

GEM
  remote: https://rubygems.org/
  specs:
    event_emitter (0.2.5)
    httparty (0.13.7)
      json (~> 1.8)
      multi_xml (>= 0.5.2)
    json (1.8.3)
    minitest (5.5.1)
    multi_xml (0.5.5)
    rake (10.4.2)
    websocket (1.2.2)
    websocket-client-simple (0.2.4)
      event_emitter
      websocket

PLATFORMS
  ruby

DEPENDENCIES
  bundler (~> 1.3)
  minitest
  rake
  socket.io-client-simple!

BUNDLED WITH
   1.10.6
